GEM
  remote: https://rubygems.org/
  specs:
    chronic (0.10.2)
    colorize (0.8.1)
    git (1.3.0)
    highline (1.7.8)
    jekyll-timeago (0.9.2)

PLATFORMS
  ruby

DEPENDENCIES
  chronic
  colorize
  git
  highline
  jekyll-timeago

BUNDLED WITH
   1.14.3
